GEM
  remote: https://rubygems.org/
  specs:
    addressable (2.3.7)
    daemons (1.1.9)
    em-websocket (0.3.8)
      addressable (>= 2.1.1)
      eventmachine (>= 0.12.9)
    eventmachine (1.0.7)
    foreman (0.81.0)
      thor (~> 0.19.1)
    haml (4.0.7)
      tilt
    rack (1.6.0)
    rack-protection (1.5.3)
      rack
    sinatra (1.4.7)
      rack (~> 1.5)
      rack-protection (~> 1.4)
      tilt (>= 1.3, < 3)
    sinatra-websocket (0.3.1)
      em-websocket (~> 0.3.6)
      eventmachine
      thin (>= 1.3.1, < 2.0.0)
    thin (1.6.3)
      daemons (~> 1.0, >= 1.0.9)
      eventmachine (~> 1.0)
      rack (~> 1.0)
    thor (0.19.1)
    tilt (2.0.2)

PLATFORMS
  ruby

DEPENDENCIES
  foreman (~> 0.81.0)
  haml (~> 4.0.7)
  sinatra (~> 1.4.7)
  sinatra-websocket (~> 0.3.1)

RUBY VERSION
   ruby 2.3.1p112

BUNDLED WITH
   1.12.3
